GEM
  remote: https://rubygems.org/
  specs:
    daedalus-core (0.5.0)
    rake (10.5.0)
    redcard (1.1.0)
    rubinius-ast (3.0)
    rubinius-bridge (1.1.0)
      redcard (~> 1.0)
    rubinius-code (3.0)
      rubinius-ast (~> 3)
      rubinius-compiler (~> 3)
      rubinius-instructions (~> 3)
      rubinius-melbourne (~> 3)
      rubinius-processor (~> 3)
      rubinius-toolset (~> 3)
    rubinius-compiler (3.0)
    rubinius-instructions (3.0)
    rubinius-melbourne (3.1)
    rubinius-processor (3.0)
    rubinius-toolset (3.0)

PLATFORMS
  ruby

DEPENDENCIES
  daedalus-core (~> 0.1)
  rake (~> 10.0)
  redcard (~> 1.0)
  rubinius-bridge (~> 1.0)
  rubinius-code (~> 3)

BUNDLED WITH
   1.11.2
